GEM
  remote: https://rubygems.org/
  specs:
    directory_watcher (1.5.1)
    mini_portile (0.6.2)
    mustache (0.99.8)
    nokogiri (1.6.6.2)
      mini_portile (~> 0.6.0)
    psych (1.3.4)
    rack (1.6.1)
    redcarpet (2.3.0)
    ruhoh (1.0)
      directory_watcher (~> 1.4)
      mustache (~> 0.99)
      nokogiri (~> 1.5)
      psych (~> 1.3)
      rack (~> 1.4)
      redcarpet (~> 2.1)

PLATFORMS
  ruby

DEPENDENCIES
  ruhoh (= 1.0.0)
